GIT
  remote: git://github.com/mattvanhorn/decent_exposure
  revision: f3469757080cc54ac6e33da2a899f65e68ff3bf5
  specs:
    decent_exposure (1.0.1)

GIT
  remote: git://github.com/mattvanhorn/nulldb
  revision: fbf9dde8e4469d3b5d41840fae948ec53f6ccffd
  specs:
    activerecord-nulldb-adapter (0.2.1)
      activerecord (>= 2.0.0)

GEM
  remote: http://rubygems.org/
  specs:
    actionmailer (3.1.1)
      actionpack (= 3.1.1)
      mail (~> 2.3.0)
    actionpack (3.1.1)
      activemodel (= 3.1.1)
      activesupport (= 3.1.1)
      builder (~> 3.0.0)
      erubis (~> 2.7.0)
      i18n (~> 0.6)
      rack (~> 1.3.2)
      rack-cache (~> 1.1)
      rack-mount (~> 0.8.2)
      rack-test (~> 0.6.1)
      sprockets (~> 2.0.2)
    activemodel (3.1.1)
      activesupport (= 3.1.1)
      builder (~> 3.0.0)
      i18n (~> 0.6)
    activerecord (3.1.1)
      activemodel (= 3.1.1)
      activesupport (= 3.1.1)
      arel (~> 2.2.1)
      tzinfo (~> 0.3.29)
    activeresource (3.1.1)
      activemodel (= 3.1.1)
      activesupport (= 3.1.1)
    activesupport (3.1.1)
      multi_json (~> 1.0)
    addressable (2.2.6)
    airbrake (3.0.9)
      activesupport
      builder
    analytical (3.0.9)
    arel (2.2.1)
    bcrypt-ruby (3.0.1)
    builder (3.0.0)
    capybara (1.1.2)
      mime-types (>= 1.16)
      nokogiri (>= 1.3.3)
      rack (>= 1.0.0)
      rack-test (>= 0.5.4)
      selenium-webdriver (~> 2.0)
      xpath (~> 0.1.4)
    capybara-webkit (0.7.2)
      capybara (>= 1.0.0, < 1.2)
    childprocess (0.2.3)
      ffi (~> 1.0.6)
    chunky_png (1.2.5)
    cocaine (0.2.0)
    coffee-rails (3.1.1)
      coffee-script (>= 2.2.0)
      railties (~> 3.1.0)
    coffee-script (2.2.0)
      coffee-script-source
      execjs
    coffee-script-source (1.1.3)
    compass (0.12.alpha.3)
      chunky_png (~> 1.2)
      fssm (>= 0.2.7)
      sass (~> 3.1)
    compass_twitter_bootstrap (0.1.8)
      compass
    configatron (2.8.4)
      yamler (>= 0.1.0)
    cover_me (1.2.0)
      configatron
      hashie
    crack (0.3.1)
    cucumber (1.1.3)
      builder (>= 2.1.2)
      diff-lcs (>= 1.1.2)
      gherkin (~> 2.6.7)
      json (>= 1.4.6)
      term-ansicolor (>= 1.0.6)
    cucumber-rails (1.2.0)
      capybara (>= 1.1.1)
      cucumber (>= 1.1.1)
      nokogiri (>= 1.5.0)
    daemons (1.1.5)
    dalli (1.1.4)
    database_cleaner (0.7.0)
    diff-lcs (1.1.3)
    draper (0.9.5)
      activesupport (>= 2.3.10)
    email_spec (1.2.1)
      mail (~> 2.2)
      rspec (~> 2.0)
    erubis (2.7.0)
    eventmachine (0.12.10)
    execjs (1.2.9)
      multi_json (~> 1.0)
    fabrication (1.2.0)
    faker (1.0.1)
      i18n (~> 0.4)
    ffi (1.0.11)
    fssm (0.2.7)
    gherkin (2.6.8)
      json (>= 1.4.6)
    growl (1.0.3)
    guard (0.8.8)
      thor (~> 0.14.6)
    guard-bundler (0.1.3)
      bundler (>= 1.0.0)
      guard (>= 0.2.2)
    guard-cucumber (0.7.4)
      cucumber (>= 0.10)
      guard (>= 0.8.3)
    guard-pow (0.2.1)
      guard (>= 0.3.0)
    guard-rspec (0.5.8)
      guard (>= 0.8.4)
    guard-spork (0.3.2)
      guard (>= 0.8.4)
      spork (>= 0.8.4)
    haml (3.1.3)
    haml-rails (0.3.4)
      actionpack (~> 3.0)
      activesupport (~> 3.0)
      haml (~> 3.0)
      railties (~> 3.0)
    hashie (1.2.0)
    hike (1.2.1)
    hpricot (0.8.4)
    i18n (0.6.0)
    jquery-rails (1.0.19)
      railties (~> 3.0)
      thor (~> 0.14)
    json (1.6.4)
    json_pure (1.6.1)
    launchy (2.0.5)
      addressable (~> 2.2.6)
    mail (2.3.0)
      i18n (>= 0.4.0)
      mime-types (~> 1.16)
      treetop (~> 1.4.8)
    mime-types (1.17.2)
    multi_json (1.0.4)
    newrelic_rpm (3.3.1)
    nokogiri (1.5.0)
    omniauth (1.0.1)
      hashie (~> 1.2)
      rack
    omniauth-identity (1.0.0)
      omniauth (~> 1.0)
    paperclip (2.4.5)
      activerecord (>= 2.3.0)
      activesupport (>= 2.3.2)
      cocaine (>= 0.0.2)
      mime-types
    pg (0.11.0)
    pickler (0.2.1)
      crack (>= 0.1.8)
    polyglot (0.3.3)
    postmark (0.9.8)
    postmark-rails (0.4.1)
      actionmailer
      postmark (>= 0.9.0)
      rake
    rack (1.3.6)
    rack-cache (1.1)
      rack (>= 0.4)
    rack-mount (0.8.3)
      rack (>= 1.0.0)
    rack-ssl (1.3.2)
      rack
    rack-test (0.6.1)
      rack (>= 1.0)
    rails (3.1.1)
      actionmailer (= 3.1.1)
      actionpack (= 3.1.1)
      activerecord (= 3.1.1)
      activeresource (= 3.1.1)
      activesupport (= 3.1.1)
      bundler (~> 1.0)
      railties (= 3.1.1)
    rails3-jquery-autocomplete (1.0.5)
      rails (~> 3.0)
    railties (3.1.1)
      actionpack (= 3.1.1)
      activesupport (= 3.1.1)
      rack-ssl (~> 1.3.2)
      rake (>= 0.8.7)
      rdoc (~> 3.4)
      thor (~> 0.14.6)
    rake (0.9.2.2)
    rb-fsevent (0.4.3.1)
    rdoc (3.12)
      json (~> 1.4)
    redis (2.2.2)
    redis-namespace (1.0.3)
      redis (< 3.0.0)
    rspec (2.7.0)
      rspec-core (~> 2.7.0)
      rspec-expectations (~> 2.7.0)
      rspec-mocks (~> 2.7.0)
    rspec-core (2.7.1)
    rspec-expectations (2.7.0)
      diff-lcs (~> 1.1.2)
    rspec-mocks (2.7.0)
    rspec-rails (2.7.0)
      actionpack (~> 3.0)
      activesupport (~> 3.0)
      railties (~> 3.0)
      rspec (~> 2.7.0)
    ruby_parser (2.3.1)
      sexp_processor (~> 3.0)
    rubyzip (0.9.5)
    sass (3.1.12)
    sass-rails (3.1.5)
      actionpack (~> 3.1.0)
      railties (~> 3.1.0)
      sass (~> 3.1.10)
      tilt (~> 1.3.2)
    selenium-webdriver (2.13.0)
      childprocess (>= 0.2.1)
      ffi (~> 1.0.9)
      json_pure
      rubyzip
    sexp_processor (3.0.8)
    shoulda-matchers (1.0.0)
    simple_form (1.5.2)
      actionpack (~> 3.0)
      activemodel (~> 3.0)
    spork (0.8.5)
    sprockets (2.0.3)
      hike (~> 1.2)
      rack (~> 1.0)
      tilt (!= 1.3.0, ~> 1.1)
    state_machine (1.1.0)
    term-ansicolor (1.0.7)
    thin (1.3.1)
      daemons (>= 1.0.9)
      eventmachine (>= 0.12.6)
      rack (>= 1.0.0)
    thor (0.14.6)
    tilt (1.3.3)
    treetop (1.4.10)
      polyglot
      polyglot (>= 0.3.1)
    tzinfo (0.3.31)
    uglifier (1.1.0)
      execjs (>= 0.3.0)
      multi_json (>= 1.0.2)
    vanity (1.7.1)
      redis (~> 2.0)
      redis-namespace (~> 1.0.0)
    xpath (0.1.4)
      nokogiri (~> 1.3)
    yamler (0.1.0)

PLATFORMS
  ruby

DEPENDENCIES
  activerecord-nulldb-adapter!
  airbrake
  analytical
  bcrypt-ruby (~> 3.0.0)
  capybara
  capybara-webkit
  coffee-rails (~> 3.1.1)
  compass (~> 0.12.alpha.3)
  compass_twitter_bootstrap
  cover_me
  cucumber-rails
  dalli
  database_cleaner
  decent_exposure!
  draper
  email_spec
  fabrication
  faker
  growl
  guard
  guard-bundler
  guard-cucumber
  guard-pow
  guard-rspec
  guard-spork
  haml
  haml-rails
  hpricot
  jquery-rails
  launchy
  newrelic_rpm
  omniauth-identity
  paperclip
  pg
  pickler
  postmark-rails
  rails (= 3.1.1)
  rails3-jquery-autocomplete
  rb-fsevent
  redis
  rspec-rails
  ruby_parser
  sass
  sass-rails
  shoulda-matchers
  simple_form
  spork
  state_machine
  thin
  uglifier (>= 1.0.3)
  vanity
